GEM
  remote: https://rubygems.org/
  specs:
    coderay (1.1.2)
    method_source (0.9.0)
    pry (0.11.3)
      coderay (~> 1.1.0)
      method_source (~> 0.9.0)
    pry-rails (0.3.6)
      pry (>= 0.10.4)

PLATFORMS
  ruby

DEPENDENCIES
  pry
  pry-rails

BUNDLED WITH
   1.16.1
